GIT
  remote: https://github.com/burnt43/digits.git
  revision: b0448ea17fd2ea7c15012cffe2f71735a95d2cf0
  specs:
    digits (0.0.1)

GIT
  remote: https://github.com/burnt43/method-result-caching.git
  revision: b0422e9b06807e3cc99d9f7c9252542b6b04125f
  specs:
    method-result-caching (0.0.2)

GIT
  remote: https://github.com/burnt43/ruby-lazy-const.git
  revision: a74031e42bca78bb5ad0a911b5f4cdf3937b9258
  specs:
    ruby-lazy-const (0.0.2)
      activesupport

GEM
  remote: https://rubygems.org/
  specs:
    activesupport (6.0.2.1)
      concurrent-ruby (~> 1.0, >= 1.0.2)
      i18n (>= 0.7, < 2)
      minitest (~> 5.1)
      tzinfo (~> 1.1)
      zeitwerk (~> 2.2)
    concurrent-ruby (1.1.6)
    i18n (1.8.2)
      concurrent-ruby (~> 1.0)
    minitest (5.14.0)
    thread_safe (0.3.6)
    tzinfo (1.2.6)
      thread_safe (~> 0.1)
    zeitwerk (2.3.0)

PLATFORMS
  ruby

DEPENDENCIES
  digits!
  method-result-caching!
  ruby-lazy-const!

BUNDLED WITH
   1.17.1
